PATH
  remote: ../..
  specs:
    uptrace (1.0.1)
      opentelemetry-exporter-otlp (>= 0.20.5, < 0.22.0)
      opentelemetry-sdk (~> 1.0.2)

GEM
  remote: https://rubygems.org/
  specs:
    google-protobuf (3.19.1-x86_64-linux)
    opentelemetry-api (1.0.1)
    opentelemetry-common (0.19.3)
      opentelemetry-api (~> 1.0)
    opentelemetry-exporter-otlp (0.20.6)
      google-protobuf (~> 3.7)
      opentelemetry-api (~> 1.0)
      opentelemetry-common (~> 0.19.2)
      opentelemetry-sdk (~> 1.0)
    opentelemetry-instrumentation-base (0.19.0)
      opentelemetry-api (~> 1.0)
    opentelemetry-sdk (1.0.2)
      opentelemetry-api (~> 1.0)
      opentelemetry-common (~> 0.19.3)
      opentelemetry-instrumentation-base (~> 0.19.0)
      opentelemetry-semantic_conventions
    opentelemetry-semantic_conventions (1.6.1)
      opentelemetry-api (~> 1.0)

PLATFORMS
  x86_64-linux

DEPENDENCIES
  uptrace!

BUNDLED WITH
   2.2.10
