PATH
  remote: ../..
  specs:
    uptrace (1.0.0.rc1)
      msgpack (~> 1.4.2)
      opentelemetry-sdk (~> 1.0.0.rc1)
      zstd-ruby (~> 1.4.9.0)

GEM
  remote: https://rubygems.org/
  specs:
    msgpack (1.4.2)
    opentelemetry-api (1.0.0.rc1)
    opentelemetry-common (0.18.0)
      opentelemetry-api (~> 1.0.0.rc1)
    opentelemetry-instrumentation-base (0.18.0)
      opentelemetry-api (~> 1.0.0.rc1)
    opentelemetry-sdk (1.0.0.rc1)
      opentelemetry-api (~> 1.0.0.rc1)
      opentelemetry-common (~> 0.18.0)
      opentelemetry-instrumentation-base (~> 0.18.0)
    zstd-ruby (1.4.9.0)

PLATFORMS
  x86_64-linux

DEPENDENCIES
  uptrace!

BUNDLED WITH
   2.2.10
