PATH
  remote: .
  specs:
    uptrace (0.1.0)
      msgpack (~> 1.3)
      opentelemetry-sdk (~> 0.14.0)
      zstd-ruby (~> 1.4.5.0)

GEM
  remote: https://rubygems.org/
  specs:
    ast (2.4.2)
    jaro_winkler (1.5.4)
    minitest (5.14.3)
    msgpack (1.4.2)
    opentelemetry-api (0.14.0)
    opentelemetry-common (0.14.0)
      opentelemetry-api (~> 0.14.0)
    opentelemetry-sdk (0.14.0)
      opentelemetry-api (~> 0.14.0)
      opentelemetry-common (~> 0.14.0)
    parallel (1.20.1)
    parser (3.0.0.0)
      ast (~> 2.4.1)
    rainbow (3.0.0)
    rake (12.3.3)
    rubocop (0.73.0)
      jaro_winkler (~> 1.5.1)
      parallel (~> 1.10)
      parser (>= 2.6)
      rainbow (>= 2.2.2, < 4.0)
      ruby-progressbar (~> 1.7)
      unicode-display_width (>= 1.4.0, < 1.7)
    ruby-progressbar (1.11.0)
    unicode-display_width (1.6.1)
    yard (0.9.26)
    yard-doctest (0.1.17)
      minitest
      yard
    zstd-ruby (1.4.5.0)

PLATFORMS
  ruby

DEPENDENCIES
  bundler (>= 1.17)
  minitest (~> 5.0)
  rake (~> 12.0)
  rubocop (~> 0.73.0)
  uptrace!
  yard (~> 0.9)
  yard-doctest (~> 0.1.6)

BUNDLED WITH
   2.1.4
