PATH
  remote: .
  specs:
    uptrace (0.2.1)
      msgpack (~> 1.3)
      opentelemetry-sdk (~> 0.15.0)
      zstd-ruby (~> 1.4.5.0)

GEM
  remote: https://rubygems.org/
  specs:
    ast (2.4.2)
    minitest (5.14.3)
    msgpack (1.4.2)
    opentelemetry-api (0.15.0)
    opentelemetry-common (0.15.0)
      opentelemetry-api (~> 0.15.0)
    opentelemetry-sdk (0.15.0)
      opentelemetry-api (~> 0.15.0)
      opentelemetry-common (~> 0.15.0)
    parallel (1.20.1)
    parser (3.0.0.0)
      ast (~> 2.4.1)
    rainbow (3.0.0)
    rake (12.3.3)
    regexp_parser (2.0.3)
    rexml (3.2.4)
    rubocop (1.10.0)
      parallel (~> 1.10)
      parser (>= 3.0.0.0)
      rainbow (>= 2.2.2, < 4.0)
      regexp_parser (>= 1.8, < 3.0)
      rexml
      rubocop-ast (>= 1.2.0, < 2.0)
      ruby-progressbar (~> 1.7)
      unicode-display_width (>= 1.4.0, < 3.0)
    rubocop-ast (1.4.1)
      parser (>= 2.7.1.5)
    rubocop-minitest (0.10.3)
      rubocop (>= 0.87, < 2.0)
    rubocop-rake (0.5.1)
      rubocop
    ruby-progressbar (1.11.0)
    unicode-display_width (2.0.0)
    yard (0.9.26)
    yard-doctest (0.1.17)
      minitest
      yard
    zstd-ruby (1.4.5.0)

PLATFORMS
  ruby

DEPENDENCIES
  bundler (>= 1.17)
  minitest (~> 5.0)
  rake (~> 12.0)
  rubocop (~> 1.10.0)
  rubocop-minitest (~> 0.10.2)
  rubocop-rake (~> 0.5.1)
  uptrace!
  yard (~> 0.9)
  yard-doctest (~> 0.1.6)

BUNDLED WITH
   2.1.4
