GEM
  remote: https://rubygems.org/
  specs:
    google-protobuf (3.15.6-x86_64-linux)
    opentelemetry-api (0.15.0)
    opentelemetry-common (0.15.0)
      opentelemetry-api (~> 0.15.0)
    opentelemetry-exporter-otlp (0.15.0)
      google-protobuf (~> 3.7)
      opentelemetry-api (~> 0.15.0)
      opentelemetry-common (~> 0.15.0)
    opentelemetry-sdk (0.15.0)
      opentelemetry-api (~> 0.15.0)
      opentelemetry-common (~> 0.15.0)

PLATFORMS
  x86_64-linux

DEPENDENCIES
  opentelemetry-exporter-otlp
  opentelemetry-sdk

BUNDLED WITH
   2.2.10
